PATH
  remote: .
  specs:
    git-status-all (1.1.3)
      colorize
      git (~> 1.3)
      optimist

GEM
  remote: https://rubygems.org/
  specs:
    colorize (0.8.1)
    git (1.8.1)
      rchardet (~> 1.8)
    optimist (3.0.1)
    rake (12.3.3)
    rchardet (1.8.0)

PLATFORMS
  x64-mingw32

DEPENDENCIES
  bundler (~> 2.2.0)
  git-status-all!
  rake (~> 12.3.3)

BUNDLED WITH
   2.2.16
