PATH
  remote: .
  specs:
    git-status-all (1.1.3)
      colorize
      git (~> 1.3)
      optimist

GEM
  remote: https://rubygems.org/
  specs:
    colorize (0.8.1)
    git (1.5.0)
    optimist (3.0.0)
    rake (10.5.0)

PLATFORMS
  ruby

DEPENDENCIES
  bundler (~> 1.12)
  git-status-all!
  rake (~> 10.0)

BUNDLED WITH
   1.16.2
